PATH
  remote: .
  specs:
    ever (0.2)

GEM
  remote: https://rubygems.org/
  specs:
    http_parser.rb (0.7.0)
    minitest (5.14.4)
    nio4r (2.5.8)
    rake (13.0.6)
    rake-compiler (1.1.1)
      rake

PLATFORMS
  x86_64-linux

DEPENDENCIES
  ever!
  http_parser.rb (= 0.7.0)
  minitest (= 5.14.4)
  nio4r (= 2.5.8)
  rake-compiler (= 1.1.1)

BUNDLED WITH
   2.3.7
